GEM
  remote: https://rubygems.org/
  specs:
    activemodel (4.2.0)
      activesupport (= 4.2.0)
      builder (~> 3.1)
    activesupport (4.2.0)
      i18n (~> 0.7)
      json (~> 1.7, >= 1.7.7)
      minitest (~> 5.1)
      thread_safe (~> 0.3, >= 0.3.4)
      tzinfo (~> 1.1)
    archive-tar-minitar (0.5.2)
    bson (2.3.0)
    builder (3.2.2)
    chronic (0.10.2)
    connection_pool (2.1.1)
    docker-api (1.17.0)
      archive-tar-minitar
      excon (>= 0.38.0)
      json
    erubis (2.7.0)
    excon (0.43.0)
    i18n (0.7.0)
    json (1.8.2)
    logger (1.2.8)
    minitest (5.5.1)
    mongoid (4.0.0)
      activemodel (~> 4.0)
      moped (~> 2.0.0)
      origin (~> 2.1)
      tzinfo (>= 0.3.37)
    moped (2.0.3)
      bson (~> 2.2)
      connection_pool (~> 2.0)
      optionable (~> 0.2.0)
    optionable (0.2.0)
    origin (2.1.1)
    thread_safe (0.3.4)
    tzinfo (1.2.2)
      thread_safe (~> 0.1)
    whenever (0.9.4)
      chronic (>= 0.6.3)

PLATFORMS
  ruby

DEPENDENCIES
  docker-api
  erubis
  logger
  mongoid
  whenever
